PATH
  remote: .
  specs:
    solr_result (1.0)
      activesupport (~> 3.0.9)
      i18n (~> 0.5.0)

GEM
  remote: http://rubygems.org/
  specs:
    activesupport (3.0.20)
    i18n (0.5.4)

PLATFORMS
  ruby

DEPENDENCIES
  solr_result!

BUNDLED WITH
   1.14.6
